GEM
  remote: https://rubygems.org/
  specs:
    public_suffix (5.0.4)

PLATFORMS
  arm64-darwin-22
  ruby

DEPENDENCIES
  public_suffix

BUNDLED WITH
   2.5.6
